GEM
  remote: https://rubygems.org/
  specs:
    geocoder (1.1.8)

PLATFORMS
  ruby

DEPENDENCIES
  geocoder (~> 1.1.8)
